PATH
  remote: .
  specs:
    safe_ruby (1.0.5)
      childprocess (>= 5.0.0)

GEM
  remote: https://rubygems.org/
  specs:
    childprocess (5.0.0)
    coderay (1.1.3)
    diff-lcs (1.5.1)
    method_source (1.0.0)
    pry (0.14.2)
      coderay (~> 1.1)
      method_source (~> 1.0)
    rake (13.1.0)
    rspec (3.13.0)
      rspec-core (~> 3.13.0)
      rspec-expectations (~> 3.13.0)
      rspec-mocks (~> 3.13.0)
    rspec-core (3.13.0)
      rspec-support (~> 3.13.0)
    rspec-expectations (3.13.0)
      diff-lcs (>= 1.2.0, < 2.0)
      rspec-support (~> 3.13.0)
    rspec-mocks (3.13.0)
      diff-lcs (>= 1.2.0, < 2.0)
      rspec-support (~> 3.13.0)
    rspec-support (3.13.0)

PLATFORMS
  arm64-darwin-23

DEPENDENCIES
  pry
  rake
  rspec
  safe_ruby!

BUNDLED WITH
   2.5.6
